STORAGE: NONE
RESTRICTION: || (== netcoreapp3.1) (== netstandard2.0) (== netstandard2.1)
NUGET
  remote: https://api.nuget.org/v3/index.json
    Fable.Browser.Blob (1.1)
      Fable.Core (>= 3.0)
      FSharp.Core (>= 4.6.2)
    Fable.Browser.Dom (1.2)
      Fable.Browser.Blob (>= 1.1)
      Fable.Browser.Event (>= 1.0)
      Fable.Browser.WebStorage (>= 1.0)
      Fable.Core (>= 3.0)
      FSharp.Core (>= 4.7)
    Fable.Browser.Event (1.0)
      Fable.Core (>= 3.0)
      FSharp.Core (>= 4.5.2)
    Fable.Browser.WebStorage (1.0)
      Fable.Browser.Event (>= 1.0)
      Fable.Core (>= 3.0)
      FSharp.Core (>= 4.5.2)
    Fable.Core (3.1.5)
      FSharp.Core (>= 4.7)
    Fable.Elmish (3.1)
      Fable.Core (>= 3.0)
      FSharp.Core (>= 4.6.2)
    Fable.Elmish.Browser (3.0.4)
      Fable.Browser.Dom (>= 1.0)
      Fable.Core (>= 3.0)
      Fable.Elmish (>= 3.0)
      FSharp.Core (>= 4.6.2)
    Fable.Elmish.React (3.0.1)
      Fable.Core (>= 3.0)
      Fable.Elmish (>= 3.0)
      Fable.React (>= 5.1)
      FSharp.Core (>= 4.6.2)
    Fable.React (6.2)
      Fable.Browser.Dom (>= 1.0)
      Fable.Core (>= 3.1.5)
      FSharp.Core (>= 4.7)
    FSharp.Core (4.7.2)
    Fulma (2.9)
      Fable.Core (>= 3.0)
      Fable.React (>= 5.1)

GROUP Docs
RESTRICTION: == netstandard2.0
NUGET
  remote: https://api.nuget.org/v3/index.json
    Chia.Client (0.6.6)
      Elmish.Toastr (>= 2.1)
      Fable.Core (>= 3.1.5)
      Fable.Elmish.Debugger (>= 3.2)
      Fable.Elmish.HMR (>= 4.0.1)
      Fable.Elmish.React (>= 3.0.1)
      Fable.Recharts (>= 1.1.2)
      FSharp.Core (>= 4.7.2)
      Fulma (>= 2.9)
      Fulma.Elmish (>= 0.2)
    Elmish.Toastr (2.1)
      Fable.Core (>= 3.0)
      Fable.Elmish (>= 3.0)
      FSharp.Core (>= 4.6.2)
    Fable.Browser.Blob (1.1)
      Fable.Core (>= 3.0)
      FSharp.Core (>= 4.6.2)
    Fable.Browser.Dom (1.2)
      Fable.Browser.Blob (>= 1.1)
      Fable.Browser.Event (>= 1.0)
      Fable.Browser.WebStorage (>= 1.0)
      Fable.Core (>= 3.0)
      FSharp.Core (>= 4.7)
    Fable.Browser.Event (1.0)
      Fable.Core (>= 3.0)
      FSharp.Core (>= 4.5.2)
    Fable.Browser.WebStorage (1.0)
      Fable.Browser.Event (>= 1.0)
      Fable.Core (>= 3.0)
      FSharp.Core (>= 4.5.2)
    Fable.Browser.XMLHttpRequest (1.1.1)
      Fable.Browser.Blob (>= 1.1)
      Fable.Browser.Event (>= 1.0)
      Fable.Core (>= 3.0)
      FSharp.Core (>= 4.7.1)
    Fable.Core (3.1.5)
      FSharp.Core (>= 4.7)
    Fable.Date (1.0)
      Fable.Core (>= 2.0.2)
      FSharp.Core (>= 4.5.2)
    Fable.Elmish (3.1)
      Fable.Core (>= 3.0)
      FSharp.Core (>= 4.6.2)
    Fable.Elmish.Browser (3.0.4)
      Fable.Browser.Dom (>= 1.0)
      Fable.Core (>= 3.0)
      Fable.Elmish (>= 3.0)
      FSharp.Core (>= 4.6.2)
    Fable.Elmish.Debugger (3.2)
      Fable.Core (>= 3.1.5)
      Fable.Elmish (>= 3.0)
      FSharp.Core (>= 4.7)
      Thoth.Json (>= 4.0)
    Fable.Elmish.HMR (4.0.1)
      Fable.Core (>= 3.0)
      Fable.Elmish.Browser (>= 3.0)
      Fable.Elmish.React (>= 3.0.1)
      FSharp.Core (>= 4.6.2)
    Fable.Elmish.React (3.0.1)
      Fable.Core (>= 3.0)
      Fable.Elmish (>= 3.0)
      Fable.React (>= 5.1)
      FSharp.Core (>= 4.6.2)
    Fable.FontAwesome (2.0)
      Fable.Core (>= 3.0)
      Fable.React (>= 5.1)
    Fable.FontAwesome.Free (2.1)
      Fable.Core (>= 3.0)
      Fable.FontAwesome (>= 2.0)
      Fable.React (>= 5.1)
    Fable.Promise (2.1)
      Fable.Core (>= 3.1.5)
      FSharp.Core (>= 4.7)
    Fable.React (6.2)
      Fable.Browser.Dom (>= 1.0)
      Fable.Core (>= 3.1.5)
      FSharp.Core (>= 4.7)
    Fable.Recharts (1.1.2)
      Fable.React (>= 5.0)
      FSharp.Core (>= 4.6.2)
    Fable.SimpleHttp (3.0)
      Fable.Browser.Dom (>= 1.0)
      Fable.Browser.XMLHttpRequest (>= 1.1)
      Fable.Core (>= 3.0)
      FSharp.Core (>= 4.6.2)
    Feliz (1.10.1)
      Fable.Core (>= 3.1.5)
      Fable.React (>= 6.2)
      FSharp.Core (>= 4.7.2)
    Feliz.Bulma (2.3)
      Feliz (>= 0.68.2)
      FSharp.Core (>= 4.7)
    Feliz.ElmishComponents (1.2)
      Feliz.UseElmish (>= 1.2.1)
      FSharp.Core (>= 4.7)
    Feliz.Markdown (1.0)
      Feliz (>= 1.0)
      FSharp.Core (>= 4.7)
    Feliz.Popover (2.0)
      Feliz (>= 1.0)
      FSharp.Core (>= 4.7)
    Feliz.Router (3.0.1)
      Fable.Core (>= 3.1.5)
      Fable.Elmish (>= 3.0.6)
      Feliz (>= 1.6)
      Feliz.UseListener (>= 0.3)
      FSharp.Core (>= 4.7.2)
    Feliz.UseDeferred (1.1.1)
      Feliz (>= 1.5)
      FSharp.Core (>= 4.7)
    Feliz.UseElmish (1.2.2)
      Fable.Elmish (>= 3.0.6)
      Fable.Promise (>= 2.0)
      Feliz (>= 1.5)
      FSharp.Core (>= 4.7)
    Feliz.UseListener (0.5)
      Fable.Core (>= 3.1.5 < 4.0)
      Feliz (>= 1.5 < 2.0)
      FSharp.Core (>= 4.7 < 5.0)
    FSharp.Core (4.7.2)
    Fulma (2.9)
      Fable.Core (>= 3.0)
      Fable.React (>= 5.1)
    Fulma.Elmish (0.2)
      Fable.Core (>= 3.0)
      Fable.Date (>= 1.0)
      Fable.Elmish (>= 3.0)
      Fable.FontAwesome (>= 2.0)
      Fable.FontAwesome.Free (>= 2.0)
      Fable.React (>= 5.1)
      Fulma.Extensions.Wikiki.Calendar (>= 2.0.1)
    Fulma.Extensions.Wikiki.Calendar (2.0.1)
      Fable.Core (>= 3.0)
      Fable.React (>= 5.1)
      Fulma (>= 2.1.1)
    Thoth.Json (4.1)
      Fable.Core (>= 3.1.4)
      FSharp.Core (>= 4.7)
    Zanaptak.TypedCssClasses (0.4)
      FSharp.Core (>= 4.3.4)
